GEM
  remote: https://rubygems.org/
  specs:
    fast_ignore (0.17.4)
    jaro_winkler (1.5.6)
    parallel (1.23.0)
    spellr (0.11.0)
      fast_ignore (>= 0.11.0)
      jaro_winkler
      parallel (~> 1.0)

PLATFORMS
  ruby

DEPENDENCIES
  spellr

BUNDLED WITH
   2.1.4
