GEM
  remote: https://rubygems.org/
  specs:
    fast_ignore (0.15.2)
    parallel (1.21.0)
    spellr (0.9.1)
      fast_ignore (>= 0.11.0)
      parallel (~> 1.0)

PLATFORMS
  ruby

DEPENDENCIES
  spellr

BUNDLED WITH
   2.1.4
